ObjectType = Image
NDims = 3
BinaryData = True
BinaryDataByteOrderMSB = False
CompressedData = False
TransformMatrix = 1 0 0 0 1 0 0 0 1
ElementSpacing = 4.42 4.42 4.42
DimSize = 110 110 220
ElementType = MET_SHORT
ElementDataFile = patient_CT.raw
