ObjectType = Image
NDims = 3
BinaryData = True
BinaryDataByteOrderMSB = False
CompressedData = False
TransformMatrix = 1 0 0 0 1 0 0 0 1
Offset = -171.87504000000001 123.04693999999999 140
CenterOfRotation = 0 0 0
AnatomicalOrientation = RAI
ElementSpacing = 0.97656200000000004 0.97656200000000004 2.5
DimSize = 350 270 136
ElementType = MET_INT
ElementDataFile = poumon2.raw
